RESTRICTION: == net461
NUGET
  remote: https://www.nuget.org/api/v2
    FAKE (4.63)
    FSharp.Control.Reactive (4.0)
      FSharp.Core (>= 4.2.3)
      System.Reactive (>= 3.1.1)
    FSharp.Core (4.3.4)
    FSharp.Data (2.4.5)
    Hopac (0.3.23)
      FSharp.Core (>= 3.1.2.5)
    Http.fs (5.0.1)
      FSharp.Core (>= 4.1.18)
      Hopac (>= 0.3.23)
    Newtonsoft.Json (11.0.1)
    Suave (2.1.1)
      FSharp.Core (>= 4.0.0.1)
    System.Reactive (3.1.1)
      System.Reactive.PlatformServices (>= 3.1.1)
      System.Reactive.Windows.Threading (>= 3.1.1)
    System.Reactive.Core (3.1.1)
      System.Reactive.Interfaces (>= 3.1.1)
    System.Reactive.Interfaces (3.1.1)
    System.Reactive.Linq (3.1.1)
      System.Reactive.Core (>= 3.1.1)
    System.Reactive.PlatformServices (3.1.1)
      System.Reactive.Linq (>= 3.1.1)
    System.Reactive.Windows.Threading (3.1.1)
      System.Reactive.Core (>= 3.1.1)
